GEM
  remote: https://rubygems.org/
  specs:
    activemodel (6.1.7.8)
      activesupport (= 6.1.7.8)
    activerecord (6.1.7.8)
      activemodel (= 6.1.7.8)
      activesupport (= 6.1.7.8)
    activesupport (6.1.7.8)
      concurrent-ruby (~> 1.0, >= 1.0.2)
      i18n (>= 1.6, < 2)
      minitest (>= 5.1)
      tzinfo (~> 2.0)
      zeitwerk (~> 2.3)
    cgi (0.2.0)
    chronic (0.10.2)
    concurrent-ruby (1.1.10)
    e2mmap (0.1.0)
    erb (2.2.2)
      cgi
    i18n (1.8.11)
      concurrent-ruby (~> 1.0)
    ipaddr (1.2.2)
    minitest (5.14.4)
    multi_json (1.15.0)
    mustermann (1.1.2)
      ruby2_keywords (~> 0.0.1)
    net-ping (2.0.8)
    os (1.1.1)
    pg (1.2.3)
    rack (2.2.9)
    rack-protection (2.1.0)
      rack
    rake (13.0.3)
    resolv (0.2.0)
    ruby2_keywords (0.0.5)
    sinatra (2.1.0)
      mustermann (~> 1.0)
      rack (~> 2.2)
      rack-protection (= 2.1.0)
      tilt (~> 2.0)
    sinatra-activerecord (2.0.27)
      activerecord (>= 4.1)
      sinatra (>= 1.0)
    sinatra-contrib (2.1.0)
      multi_json
      mustermann (~> 1.0)
      rack-protection (= 2.1.0)
      sinatra (= 2.1.0)
      tilt (~> 2.0)
    thwait (0.2.0)
      e2mmap
    tilt (2.0.11)
    tzinfo (2.0.6)
      concurrent-ruby (~> 1.0)
    whenever (1.0.0)
      chronic (>= 0.6.3)
    yajl-ruby (1.4.1)
    yaml (0.1.1)
    zeitwerk (2.4.2)

PLATFORMS
  x86_64-linux

DEPENDENCIES
  activerecord (~> 6.0)
  erb
  ipaddr
  net-ping
  os
  pg
  rake
  resolv
  sinatra
  sinatra-activerecord
  sinatra-contrib
  thwait
  whenever
  yajl-ruby
  yaml

BUNDLED WITH
   2.2.15
